GIT
  remote: https://github.com/chef/chefstyle.git
  revision: c12114af6196c4bc843bb39b930f6141a3239ff5
  branch: master
  specs:
    chefstyle (0.14.0)
      rubocop (= 0.75.1)

GIT
  remote: https://github.com/chef/ohai.git
  revision: cff06feb1e7267aeb517cc1070a4aa30e9357e67
  branch: master
  specs:
    ohai (16.0.4)
      chef-config (>= 12.8, < 17)
      ffi (~> 1.9)
      ffi-yajl (~> 2.2)
      ipaddress
      mixlib-cli (>= 1.7.0)
      mixlib-config (>= 2.0, < 4.0)
      mixlib-log (>= 2.0.1, < 4.0)
      mixlib-shellout (>= 2.0, < 4.0)
      plist (~> 3.1)
      systemu (~> 2.6.4)
      wmi-lite (~> 1.0)

PATH
  remote: .
  specs:
    chef (16.0.55)
      addressable
      bcrypt_pbkdf (~> 1.0)
      bundler (>= 1.10)
      chef-config (= 16.0.55)
      chef-utils (= 16.0.55)
      chef-zero (>= 14.0.11)
      diff-lcs (~> 1.2, >= 1.2.4)
      ed25519 (~> 1.2)
      erubis (~> 2.7)
      ffi (~> 1.9, >= 1.9.25)
      ffi-libarchive
      ffi-yajl (~> 2.2)
      highline (>= 1.6.9, < 2)
      iniparse (~> 1.4)
      license-acceptance (~> 1.0, >= 1.0.5)
      mixlib-archive (>= 0.4, < 2.0)
      mixlib-authentication (>= 2.1, < 4)
      mixlib-cli (>= 2.1.1, < 3.0)
      mixlib-log (>= 2.0.3, < 4.0)
      mixlib-shellout (>= 3.0.3, < 4.0)
      net-sftp (~> 2.1, >= 2.1.2)
      net-ssh (>= 4.2, < 6)
      net-ssh-multi (~> 1.2, >= 1.2.1)
      ohai (~> 16.0)
      plist (~> 3.2)
      proxifier (~> 1.0)
      syslog-logger (~> 1.6)
      train-core (~> 3.1)
      train-winrm (>= 0.2.5)
      tty-screen (~> 0.6)
      uuidtools (~> 2.1.5)
    chef (16.0.55-universal-mingw32)
      addressable
      bcrypt_pbkdf (~> 1.0)
      bundler (>= 1.10)
      chef-config (= 16.0.55)
      chef-utils (= 16.0.55)
      chef-zero (>= 14.0.11)
      diff-lcs (~> 1.2, >= 1.2.4)
      ed25519 (~> 1.2)
      erubis (~> 2.7)
      ffi (~> 1.9, >= 1.9.25)
      ffi-libarchive
      ffi-yajl (~> 2.2)
      highline (>= 1.6.9, < 2)
      iniparse (~> 1.4)
      iso8601 (~> 0.12.1)
      license-acceptance (~> 1.0, >= 1.0.5)
      mixlib-archive (>= 0.4, < 2.0)
      mixlib-authentication (>= 2.1, < 4)
      mixlib-cli (>= 2.1.1, < 3.0)
      mixlib-log (>= 2.0.3, < 4.0)
      mixlib-shellout (>= 3.0.3, < 4.0)
      net-sftp (~> 2.1, >= 2.1.2)
      net-ssh (>= 4.2, < 6)
      net-ssh-multi (~> 1.2, >= 1.2.1)
      ohai (~> 16.0)
      plist (~> 3.2)
      proxifier (~> 1.0)
      syslog-logger (~> 1.6)
      train-core (~> 3.1)
      train-winrm (>= 0.2.5)
      tty-screen (~> 0.6)
      uuidtools (~> 2.1.5)
      win32-api (~> 1.5.3)
      win32-certstore (~> 0.3)
      win32-dir (~> 0.5.0)
      win32-event (~> 0.6.1)
      win32-eventlog (= 0.6.3)
      win32-mmap (~> 0.4.1)
      win32-mutex (~> 0.4.2)
      win32-process (~> 0.8.2)
      win32-service (>= 2.1.5, < 3.0)
      win32-taskscheduler (~> 2.0)
      wmi-lite (~> 1.0)

PATH
  remote: chef-bin
  specs:
    chef-bin (16.0.55)
      chef (= 16.0.55)

PATH
  remote: chef-config
  specs:
    chef-config (16.0.55)
      addressable
      chef-utils (= 16.0.55)
      fuzzyurl
      mixlib-config (>= 2.2.12, < 4.0)
      mixlib-shellout (>= 2.0, < 4.0)
      tomlrb (~> 1.2)

PATH
  remote: chef-utils
  specs:
    chef-utils (16.0.55)

GEM
  remote: https://rubygems.org/
  specs:
    addressable (2.7.0)
      public_suffix (>= 2.0.2, < 5.0)
    appbundler (0.13.1)
      mixlib-cli (>= 1.4, < 3.0)
      mixlib-shellout (>= 2.0, < 4.0)
    ast (2.4.0)
    bcrypt_pbkdf (1.0.1)
    bcrypt_pbkdf (1.0.1-x64-mingw32)
    bcrypt_pbkdf (1.0.1-x86-mingw32)
    binding_of_caller (0.8.0)
      debug_inspector (>= 0.0.1)
    builder (3.2.4)
    byebug (11.1.1)
    chef-telemetry (1.0.2)
      chef-config
      concurrent-ruby (~> 1.0)
      ffi-yajl (~> 2.2)
      http (~> 2.2)
    chef-vault (4.0.1)
    chef-zero (14.0.17)
      ffi-yajl (~> 2.2)
      hashie (>= 2.0, < 4.0)
      mixlib-log (>= 2.0, < 4.0)
      rack (~> 2.0, >= 2.0.6)
      uuidtools (~> 2.1)
    cheffish (14.0.13)
      chef-zero (~> 14.0)
      net-ssh
    coderay (1.1.2)
    concurrent-ruby (1.1.5)
    crack (0.4.3)
      safe_yaml (~> 1.0.0)
    debug_inspector (0.0.3)
    diff-lcs (1.3)
    docile (1.3.2)
    domain_name (0.5.20190701)
      unf (>= 0.0.5, < 1.0.0)
    ed25519 (1.2.4)
    equatable (0.6.1)
    erubi (1.9.0)
    erubis (2.7.0)
    faraday (1.0.0)
      multipart-post (>= 1.2, < 3)
    fauxhai-ng (7.5.1)
      net-ssh
    ffi (1.12.2)
    ffi (1.12.2-x64-mingw32)
    ffi (1.12.2-x86-mingw32)
    ffi-libarchive (1.0.0)
      ffi (~> 1.0)
    ffi-win32-extensions (1.0.3)
      ffi
    ffi-yajl (2.3.3)
      libyajl2 (~> 1.2)
    fuzzyurl (0.9.0)
    gssapi (1.3.0)
      ffi (>= 1.0.1)
    gyoku (1.3.1)
      builder (>= 2.1.2)
    hashdiff (1.0.0)
    hashie (3.6.0)
    highline (1.7.10)
    htmlentities (4.3.4)
    http (2.2.2)
      addressable (~> 2.3)
      http-cookie (~> 1.0)
      http-form_data (~> 1.0.1)
      http_parser.rb (~> 0.6.0)
    http-cookie (1.0.3)
      domain_name (~> 0.5)
    http-form_data (1.0.3)
    http_parser.rb (0.6.0)
    httpclient (2.8.3)
    inifile (3.0.0)
    iniparse (1.4.4)
    inspec-core (4.18.85)
      addressable (~> 2.4)
      chef-telemetry (~> 1.0)
      faraday (>= 0.9.0)
      hashie (~> 3.4)
      htmlentities (~> 4.3)
      json-schema (~> 2.8)
      license-acceptance (>= 0.2.13, < 2.0)
      method_source (~> 0.8)
      mixlib-log (~> 3.0)
      multipart-post (~> 2.0)
      parallel (~> 1.9)
      parslet (~> 1.5)
      pry (~> 0)
      rspec (~> 3.9)
      rspec-its (~> 1.2)
      rubyzip (~> 1.2, >= 1.2.2)
      semverse (~> 3.0)
      sslshake (~> 1.2)
      term-ansicolor (~> 1.7)
      thor (>= 0.20, < 2.0)
      tomlrb (~> 1.2)
      train-core (~> 3.0)
      tty-prompt (~> 0.17)
      tty-table (~> 0.10)
    inspec-core-bin (4.18.85)
      inspec-core (= 4.18.85)
    ipaddress (0.8.3)
    iso8601 (0.12.1)
    jaro_winkler (1.5.4)
    json (2.3.0)
    json-schema (2.8.1)
      addressable (>= 2.4)
    libyajl2 (1.2.0)
    license-acceptance (1.0.13)
      pastel (~> 0.7)
      tomlrb (~> 1.2)
      tty-box (~> 0.3)
      tty-prompt (~> 0.18)
    little-plugger (1.1.4)
    logging (2.2.2)
      little-plugger (~> 1.1)
      multi_json (~> 1.10)
    method_source (0.9.2)
    mixlib-archive (1.0.5)
      mixlib-log
    mixlib-archive (1.0.5-universal-mingw32)
      mixlib-log
    mixlib-authentication (3.0.6)
    mixlib-cli (2.1.5)
    mixlib-config (3.0.6)
      tomlrb
    mixlib-log (3.0.8)
    mixlib-shellout (3.0.9)
    mixlib-shellout (3.0.9-universal-mingw32)
      win32-process (~> 0.8.2)
      wmi-lite (~> 1.0)
    multi_json (1.14.1)
    multipart-post (2.1.1)
    necromancer (0.5.1)
    net-scp (2.0.0)
      net-ssh (>= 2.6.5, < 6.0.0)
    net-sftp (2.1.2)
      net-ssh (>= 2.6.5)
    net-ssh (5.2.0)
    net-ssh-gateway (2.0.0)
      net-ssh (>= 4.0.0)
    net-ssh-multi (1.2.1)
      net-ssh (>= 2.6.5)
      net-ssh-gateway (>= 1.2.0)
    nori (2.6.0)
    parallel (1.19.1)
    parser (2.7.0.2)
      ast (~> 2.4.0)
    parslet (1.8.2)
    pastel (0.7.3)
      equatable (~> 0.6)
      tty-color (~> 0.5)
    plist (3.5.0)
    proxifier (1.0.3)
    pry (0.12.2)
      coderay (~> 1.1.0)
      method_source (~> 0.9.0)
    pry-byebug (3.8.0)
      byebug (~> 11.0)
      pry (~> 0.10)
    pry-remote (0.1.8)
      pry (~> 0.9)
      slop (~> 3.0)
    pry-stack_explorer (0.4.9.3)
      binding_of_caller (>= 0.7)
      pry (>= 0.9.11)
    public_suffix (4.0.3)
    rack (2.1.2)
    rainbow (3.0.0)
    rake (12.3.2)
    rb-readline (0.5.5)
    rspec (3.9.0)
      rspec-core (~> 3.9.0)
      rspec-expectations (~> 3.9.0)
      rspec-mocks (~> 3.9.0)
    rspec-core (3.9.1)
      rspec-support (~> 3.9.1)
    rspec-expectations (3.9.0)
      diff-lcs (>= 1.2.0, < 2.0)
      rspec-support (~> 3.9.0)
    rspec-its (1.3.0)
      rspec-core (>= 3.0.0)
      rspec-expectations (>= 3.0.0)
    rspec-mocks (3.9.1)
      diff-lcs (>= 1.2.0, < 2.0)
      rspec-support (~> 3.9.0)
    rspec-support (3.9.2)
    rspec_junit_formatter (0.2.3)
      builder (< 4)
      rspec-core (>= 2, < 4, != 2.12.0)
    rubocop (0.75.1)
      jaro_winkler (~> 1.5.1)
      parallel (~> 1.10)
      parser (>= 2.6)
      rainbow (>= 2.2.2, < 4.0)
      ruby-progressbar (~> 1.7)
      unicode-display_width (>= 1.4.0, < 1.7)
    ruby-prof (1.2.0)
    ruby-progressbar (1.10.1)
    ruby-shadow (2.5.0)
    rubyntlm (0.6.2)
    rubyzip (1.3.0)
    safe_yaml (1.0.5)
    semverse (3.0.0)
    simplecov (0.18.1)
      docile (~> 1.1)
      simplecov-html (~> 0.11.0)
    simplecov-html (0.11.0)
    slop (3.6.0)
    sslshake (1.3.0)
    strings (0.1.8)
      strings-ansi (~> 0.1)
      unicode-display_width (~> 1.5)
      unicode_utils (~> 1.4)
    strings-ansi (0.2.0)
    structured_warnings (0.4.0)
    sync (0.5.0)
    syslog-logger (1.6.8)
    systemu (2.6.5)
    term-ansicolor (1.7.1)
      tins (~> 1.0)
    thor (1.0.1)
    tins (1.24.0)
      sync
    tomlrb (1.2.9)
    train-core (3.2.20)
      addressable (~> 2.5)
      inifile (~> 3.0)
      json (>= 1.8, < 3.0)
      mixlib-shellout (>= 2.0, < 4.0)
      net-scp (>= 1.2, < 3.0)
      net-ssh (>= 2.9, < 6.0)
    train-winrm (0.2.6)
      winrm (~> 2.0)
      winrm-fs (~> 1.0)
    tty-box (0.5.0)
      pastel (~> 0.7.2)
      strings (~> 0.1.6)
      tty-cursor (~> 0.7)
    tty-color (0.5.1)
    tty-cursor (0.7.1)
    tty-prompt (0.20.0)
      necromancer (~> 0.5.0)
      pastel (~> 0.7.0)
      tty-reader (~> 0.7.0)
    tty-reader (0.7.0)
      tty-cursor (~> 0.7)
      tty-screen (~> 0.7)
      wisper (~> 2.0.0)
    tty-screen (0.7.1)
    tty-table (0.11.0)
      equatable (~> 0.6)
      necromancer (~> 0.5)
      pastel (~> 0.7.2)
      strings (~> 0.1.5)
      tty-screen (~> 0.7)
    unf (0.1.4)
      unf_ext
    unf_ext (0.0.7.6)
    unicode-display_width (1.6.1)
    unicode_utils (1.4.0)
    uuidtools (2.1.5)
    webmock (3.8.1)
      addressable (>= 2.3.6)
      crack (>= 0.3.2)
      hashdiff (>= 0.4.0, < 2.0.0)
    win32-api (1.5.3-universal-mingw32)
    win32-certstore (0.4.0)
      ffi
      mixlib-shellout
    win32-dir (0.5.1)
      ffi (>= 1.0.0)
    win32-event (0.6.3)
      win32-ipc (>= 0.6.0)
    win32-eventlog (0.6.3)
      ffi
    win32-ipc (0.7.0)
      ffi
    win32-mmap (0.4.2)
      ffi
    win32-mutex (0.4.3)
      win32-ipc (>= 0.6.0)
    win32-process (0.8.3)
      ffi (>= 1.0.0)
    win32-service (2.1.5)
      ffi
      ffi-win32-extensions
    win32-taskscheduler (2.0.4)
      ffi
      structured_warnings
    winrm (2.3.4)
      builder (>= 2.1.2)
      erubi (~> 1.8)
      gssapi (~> 1.2)
      gyoku (~> 1.0)
      httpclient (~> 2.2, >= 2.2.0.2)
      logging (>= 1.6.1, < 3.0)
      nori (~> 2.0)
      rubyntlm (~> 0.6.0, >= 0.6.1)
    winrm-fs (1.3.3)
      erubi (~> 1.8)
      logging (>= 1.6.1, < 3.0)
      rubyzip (~> 1.1)
      winrm (~> 2.0)
    wisper (2.0.1)
    wmi-lite (1.0.5)
    yard (0.9.24)

PLATFORMS
  ruby
  x64-mingw32
  x86-mingw32

DEPENDENCIES
  appbundler
  bcrypt_pbkdf
  chef!
  chef-bin!
  chef-config!
  chef-utils!
  chef-vault
  cheffish (~> 14)
  chefstyle!
  ed25519
  fauxhai-ng
  inspec-core (~> 4.18)
  inspec-core-bin (~> 4.18)
  ohai!
  pry
  pry-byebug
  pry-remote
  pry-stack_explorer
  rake (<= 12.3.2)
  rb-readline
  rspec-core (~> 3.5)
  rspec-expectations (~> 3.5)
  rspec-mocks (~> 3.5)
  rspec_junit_formatter (~> 0.2.0)
  ruby-prof
  ruby-shadow
  simplecov
  webmock
  yard

BUNDLED WITH
   2.1.4
