PATH
  remote: .
  specs:
    chef (11.4.0)
      erubis
      highline (>= 1.6.9)
      json (>= 1.4.4, <= 1.7.7)
      mixlib-authentication (>= 1.3.0)
      mixlib-cli (~> 1.3.0)
      mixlib-config (>= 1.1.2)
      mixlib-log (>= 1.3.0)
      mixlib-shellout (1.2.0.rc.0)
      net-ssh (~> 2.6)
      net-ssh-multi (~> 1.1.0)
      ohai (>= 0.6.0)
      rest-client (>= 1.0.4, < 1.7.0)
      yajl-ruby (~> 1.1)

GEM
  remote: https://rubygems.org/
  specs:
    builder (3.2.0)
    diff-lcs (1.1.3)
    erubis (2.7.0)
    ffi (1.0.9-x86-mingw32)
    highline (1.6.18)
    hpricot (0.8.6)
    ipaddress (0.8.0)
    json (1.7.7)
    mime-types (1.23)
    mixlib-authentication (1.3.0)
      mixlib-log
    mixlib-cli (1.3.0)
    mixlib-config (1.1.2)
    mixlib-log (1.6.0)
    mixlib-shellout (1.1.0-x86-mingw32)
      win32-process (~> 0.6.5)
    mustache (0.99.4)
    net-ssh (2.6.7)
    net-ssh-gateway (1.2.0)
      net-ssh (>= 2.6.5)
    net-ssh-multi (1.1)
      net-ssh (>= 2.1.4)
      net-ssh-gateway (>= 0.99.0)
    ohai (6.16.0)
      ipaddress
      mixlib-cli
      mixlib-config
      mixlib-log
      mixlib-shellout
      systemu
      yajl-ruby
    rack (1.5.2)
    rake (10.0.4)
    rdiscount (2.0.7.2)
    rdoc (3.12.2)
      json (~> 1.4)
    rdp-ruby-wmi (0.3.1)
    rest-client (1.6.7)
      mime-types (>= 1.16)
    ronn (0.7.3)
      hpricot (>= 0.8.2)
      mustache (>= 0.7.0)
      rdiscount (>= 1.5.8)
    rspec (2.12.0)
      rspec-core (~> 2.12.0)
      rspec-expectations (~> 2.12.0)
      rspec-mocks (~> 2.12.0)
    rspec-core (2.12.2)
    rspec-expectations (2.12.1)
      diff-lcs (~> 1.1.3)
    rspec-mocks (2.12.2)
    rspec_junit_formatter (0.1.6)
      builder
      rspec (~> 2.0)
      rspec-core (!= 2.12.0)
    sdoc (0.3.20)
      json (>= 1.1.3)
      rdoc (~> 3.10)
    systemu (2.2.0)
    test-unit (2.5.4)
    win32-api (1.4.8-x86-mingw32)
    win32-dir (0.3.7)
      windows-pr (>= 1.0.9)
    win32-event (0.5.2)
      win32-ipc (>= 0.5.0)
    win32-ipc (0.6.1)
      ffi
    win32-mmap (0.3.2)
      ffi
    win32-mutex (0.3.1)
      test-unit (>= 2.0.3)
      win32-ipc (>= 0.5.0)
      win32-mmap (>= 0.2.2)
      win32-process (>= 0.6.1)
    win32-open3 (0.3.2-x86-mingw32)
    win32-process (0.6.5)
      windows-pr (>= 1.1.2)
    win32-service (0.7.2-x86-mingw32)
      windows-pr (>= 1.0.8)
    windows-api (0.4.0)
      win32-api (>= 1.4.5)
    windows-pr (1.2.1)
      win32-api (>= 1.4.5)
      windows-api (>= 0.3.0)
    yajl-ruby (1.1.0-x86-mingw32)

PLATFORMS
  x86-mingw32

DEPENDENCIES
  activesupport
  chef!
  ffi (= 1.0.9)
  rack (~> 1.5.1)
  rake
  rdoc
  rdp-ruby-wmi (= 0.3.1)
  ronn
  rspec-core (~> 2.12.0)
  rspec-expectations (~> 2.12.0)
  rspec-mocks (~> 2.12.0)
  rspec_junit_formatter
  ruby-shadow
  sdoc
  systemu (= 2.2.0)
  win32-api (= 1.4.8)
  win32-dir (= 0.3.7)
  win32-event (= 0.5.2)
  win32-mutex (= 0.3.1)
  win32-open3 (= 0.3.2)
  win32-process (= 0.6.5)
  win32-service (= 0.7.2)
  windows-api (= 0.4.0)
  windows-pr (= 1.2.1)
