GIT
  remote: https://github.com/chef/omnibus
  revision: e8951da8c2b52524116a87af3cf632d9c799a435
  branch: master
  specs:
    omnibus (8.0.9)
      aws-sdk-s3 (~> 1)
      chef-cleanroom (~> 1.0)
      chef-utils (>= 15.4)
      ffi-yajl (~> 2.2)
      license_scout (~> 1.0)
      mixlib-shellout (>= 2.0, < 4.0)
      mixlib-versioning
      ohai (>= 15)
      pedump
      ruby-progressbar (~> 1.7)
      thor (>= 0.18, < 2.0)

GIT
  remote: https://github.com/chef/omnibus-software
  revision: 3f948d5a56ef3a5af1e617af30443fabf63c6f0a
  branch: master
  specs:
    omnibus-software (4.0.0)
      omnibus (>= 8.0.0)

GEM
  remote: https://rubygems.org/
  specs:
    addressable (2.7.0)
      public_suffix (>= 2.0.2, < 5.0)
    artifactory (3.0.15)
    awesome_print (1.8.0)
    aws-eventstream (1.1.0)
    aws-partitions (1.405.0)
    aws-sdk-core (3.110.0)
      aws-eventstream (~> 1, >= 1.0.2)
      aws-partitions (~> 1, >= 1.239.0)
      aws-sigv4 (~> 1.1)
      jmespath (~> 1.0)
    aws-sdk-kms (1.39.0)
      aws-sdk-core (~> 3, >= 3.109.0)
      aws-sigv4 (~> 1.1)
    aws-sdk-s3 (1.86.0)
      aws-sdk-core (~> 3, >= 3.109.0)
      aws-sdk-kms (~> 1)
      aws-sigv4 (~> 1.1)
    aws-sigv4 (1.2.2)
      aws-eventstream (~> 1, >= 1.0.2)
    bcrypt_pbkdf (1.1.0.rc1)
    bcrypt_pbkdf (1.1.0.rc1-x64-mingw32)
    bcrypt_pbkdf (1.1.0.rc1-x86-mingw32)
    berkshelf (7.1.0)
      chef (>= 15.7.32)
      chef-config
      cleanroom (~> 1.0)
      concurrent-ruby (~> 1.0)
      minitar (>= 0.6)
      mixlib-archive (>= 0.4, < 2.0)
      mixlib-config (>= 2.2.5)
      mixlib-shellout (>= 2.0, < 4.0)
      octokit (~> 4.0)
      retryable (>= 2.0, < 4.0)
      solve (~> 4.0)
      thor (>= 0.20)
    builder (3.2.4)
    chef (16.7.61)
      addressable
      bcrypt_pbkdf (= 1.1.0.rc1)
      bundler (>= 1.10)
      chef-config (= 16.7.61)
      chef-utils (= 16.7.61)
      chef-vault
      chef-zero (>= 14.0.11)
      diff-lcs (>= 1.2.4, < 1.4.0)
      ed25519 (~> 1.2)
      erubis (~> 2.7)
      ffi (>= 1.9.25)
      ffi-libarchive (~> 1.0, >= 1.0.3)
      ffi-yajl (~> 2.2)
      highline (>= 1.6.9, < 3)
      iniparse (~> 1.4)
      license-acceptance (>= 1.0.5, < 3)
      mixlib-archive (>= 0.4, < 2.0)
      mixlib-authentication (>= 2.1, < 4)
      mixlib-cli (>= 2.1.1, < 3.0)
      mixlib-log (>= 2.0.3, < 4.0)
      mixlib-shellout (>= 3.1.1, < 4.0)
      net-sftp (>= 2.1.2, < 4.0)
      net-ssh (>= 4.2, < 7)
      net-ssh-multi (~> 1.2, >= 1.2.1)
      ohai (~> 16.0)
      pastel
      plist (~> 3.2)
      proxifier (~> 1.0)
      syslog-logger (~> 1.6)
      train-core (~> 3.2, >= 3.2.28)
      train-winrm (>= 0.2.5)
      tty-prompt (~> 0.21)
      tty-screen (~> 0.6)
      tty-table (~> 0.11)
      uuidtools (~> 2.1.5)
    chef (16.7.61-universal-mingw32)
      addressable
      bcrypt_pbkdf (= 1.1.0.rc1)
      bundler (>= 1.10)
      chef-config (= 16.7.61)
      chef-utils (= 16.7.61)
      chef-vault
      chef-zero (>= 14.0.11)
      diff-lcs (>= 1.2.4, < 1.4.0)
      ed25519 (~> 1.2)
      erubis (~> 2.7)
      ffi (>= 1.9.25)
      ffi-libarchive (~> 1.0, >= 1.0.3)
      ffi-yajl (~> 2.2)
      highline (>= 1.6.9, < 3)
      iniparse (~> 1.4)
      iso8601 (>= 0.12.1, < 0.14)
      license-acceptance (>= 1.0.5, < 3)
      mixlib-archive (>= 0.4, < 2.0)
      mixlib-authentication (>= 2.1, < 4)
      mixlib-cli (>= 2.1.1, < 3.0)
      mixlib-log (>= 2.0.3, < 4.0)
      mixlib-shellout (>= 3.1.1, < 4.0)
      net-sftp (>= 2.1.2, < 4.0)
      net-ssh (>= 4.2, < 7)
      net-ssh-multi (~> 1.2, >= 1.2.1)
      ohai (~> 16.0)
      pastel
      plist (~> 3.2)
      proxifier (~> 1.0)
      syslog-logger (~> 1.6)
      train-core (~> 3.2, >= 3.2.28)
      train-winrm (>= 0.2.5)
      tty-prompt (~> 0.21)
      tty-screen (~> 0.6)
      tty-table (~> 0.11)
      uuidtools (~> 2.1.5)
      win32-api (~> 1.5.3)
      win32-certstore (~> 0.3)
      win32-event (~> 0.6.1)
      win32-eventlog (= 0.6.3)
      win32-mmap (~> 0.4.1)
      win32-mutex (~> 0.4.2)
      win32-process (~> 0.9)
      win32-service (>= 2.1.5, < 3.0)
      win32-taskscheduler (~> 2.0)
      wmi-lite (~> 1.0)
    chef-cleanroom (1.0.2)
    chef-config (16.7.61)
      addressable
      chef-utils (= 16.7.61)
      fuzzyurl
      mixlib-config (>= 2.2.12, < 4.0)
      mixlib-shellout (>= 2.0, < 4.0)
      tomlrb (~> 1.2)
    chef-utils (16.7.61)
    chef-vault (4.1.0)
    chef-zero (15.0.3)
      ffi-yajl (~> 2.2)
      hashie (>= 2.0, < 5.0)
      mixlib-log (>= 2.0, < 4.0)
      rack (~> 2.0, >= 2.0.6)
      uuidtools (~> 2.1)
    citrus (3.0.2)
    cleanroom (1.0.0)
    concurrent-ruby (1.1.7)
    diff-lcs (1.3)
    ed25519 (1.2.4)
    erubi (1.10.0)
    erubis (2.7.0)
    faraday (1.1.0)
      multipart-post (>= 1.2, < 3)
      ruby2_keywords
    ffi (1.13.1)
    ffi (1.13.1-x64-mingw32)
    ffi (1.13.1-x86-mingw32)
    ffi-libarchive (1.0.4)
      ffi (~> 1.0)
    ffi-win32-extensions (1.0.4)
      ffi
    ffi-yajl (2.3.4)
      libyajl2 (~> 1.2)
    fuzzyurl (0.9.0)
    gssapi (1.3.1)
      ffi (>= 1.0.1)
    gyoku (1.3.1)
      builder (>= 2.1.2)
    hashie (4.1.0)
    highline (2.0.3)
    httpclient (2.8.3)
    iniparse (1.5.0)
    iostruct (0.0.4)
    ipaddress (0.8.3)
    iso8601 (0.13.0)
    jmespath (1.4.0)
    json (2.3.1)
    kitchen-vagrant (1.7.2)
      test-kitchen (>= 1.4, < 3)
    libyajl2 (1.2.0)
    license-acceptance (2.1.13)
      pastel (~> 0.7)
      tomlrb (>= 1.2, < 3.0)
      tty-box (~> 0.6)
      tty-prompt (~> 0.20)
    license_scout (1.2.7)
      ffi-yajl (~> 2.2)
      mixlib-shellout (>= 2.2, < 4.0)
      toml-rb (>= 1, < 3)
    little-plugger (1.1.4)
    logging (2.3.0)
      little-plugger (~> 1.1)
      multi_json (~> 1.14)
    minitar (0.9)
    mixlib-archive (1.0.7)
      mixlib-log
    mixlib-archive (1.0.7-universal-mingw32)
      mixlib-log
    mixlib-authentication (3.0.7)
    mixlib-cli (2.1.8)
    mixlib-config (3.0.9)
      tomlrb
    mixlib-install (3.12.5)
      mixlib-shellout
      mixlib-versioning
      thor
    mixlib-log (3.0.9)
    mixlib-shellout (3.2.2)
      chef-utils
    mixlib-shellout (3.2.2-universal-mingw32)
      chef-utils
      ffi-win32-extensions (~> 1.0.3)
      win32-process (~> 0.9)
      wmi-lite (~> 1.0)
    mixlib-versioning (1.2.12)
    molinillo (0.7.0)
    multi_json (1.15.0)
    multipart-post (2.1.1)
    net-scp (3.0.0)
      net-ssh (>= 2.6.5, < 7.0.0)
    net-sftp (3.0.0)
      net-ssh (>= 5.0.0, < 7.0.0)
    net-ssh (6.1.0)
    net-ssh-gateway (2.0.0)
      net-ssh (>= 4.0.0)
    net-ssh-multi (1.2.1)
      net-ssh (>= 2.6.5)
      net-ssh-gateway (>= 1.2.0)
    nori (2.6.0)
    octokit (4.19.0)
      faraday (>= 0.9)
      sawyer (~> 0.8.0, >= 0.5.3)
    ohai (16.7.37)
      chef-config (>= 12.8, < 17)
      chef-utils (>= 16.0, < 17)
      ffi (~> 1.9)
      ffi-yajl (~> 2.2)
      ipaddress
      mixlib-cli (>= 1.7.0)
      mixlib-config (>= 2.0, < 4.0)
      mixlib-log (>= 2.0.1, < 4.0)
      mixlib-shellout (>= 2.0, < 4.0)
      plist (~> 3.1)
      train-core
      wmi-lite (~> 1.0)
    pastel (0.8.0)
      tty-color (~> 0.5)
    pedump (0.6.1)
      awesome_print
      iostruct (>= 0.0.4)
      multipart-post (>= 2.0.0)
      rainbow
      zhexdump (>= 0.0.2)
    plist (3.5.0)
    proxifier (1.0.3)
    public_suffix (4.0.6)
    rack (2.2.3)
    rainbow (3.0.0)
    retryable (3.0.5)
    ruby-progressbar (1.10.1)
    ruby2_keywords (0.0.2)
    rubyntlm (0.6.2)
    rubyzip (2.3.0)
    sawyer (0.8.2)
      addressable (>= 2.3.5)
      faraday (> 0.8, < 2.0)
    semverse (3.0.0)
    solve (4.0.4)
      molinillo (~> 0.6)
      semverse (>= 1.1, < 4.0)
    strings (0.2.0)
      strings-ansi (~> 0.2)
      unicode-display_width (~> 1.5)
      unicode_utils (~> 1.4)
    strings-ansi (0.2.0)
    structured_warnings (0.4.0)
    syslog-logger (1.6.8)
    test-kitchen (2.8.0)
      bcrypt_pbkdf (~> 1.0)
      ed25519 (~> 1.2)
      license-acceptance (>= 1.0.11, < 3.0)
      mixlib-install (~> 3.6)
      mixlib-shellout (>= 1.2, < 4.0)
      net-scp (>= 1.1, < 4.0)
      net-ssh (>= 2.9, < 7.0)
      net-ssh-gateway (>= 1.2, < 3.0)
      thor (>= 0.19, < 2.0)
      winrm (~> 2.0)
      winrm-elevated (~> 1.0)
      winrm-fs (~> 1.1)
    thor (1.0.1)
    toml-rb (2.0.1)
      citrus (~> 3.0, > 3.0)
    tomlrb (1.3.0)
    train-core (3.4.1)
      addressable (~> 2.5)
      ffi (!= 1.13.0)
      json (>= 1.8, < 3.0)
      mixlib-shellout (>= 2.0, < 4.0)
      net-scp (>= 1.2, < 4.0)
      net-ssh (>= 2.9, < 7.0)
    train-winrm (0.2.11)
      winrm (~> 2.0)
      winrm-elevated (~> 1.2.2)
      winrm-fs (~> 1.0)
    tty-box (0.6.0)
      pastel (~> 0.8)
      strings (~> 0.2.0)
      tty-cursor (~> 0.7)
    tty-color (0.6.0)
    tty-cursor (0.7.1)
    tty-prompt (0.22.0)
      pastel (~> 0.8)
      tty-reader (~> 0.8)
    tty-reader (0.9.0)
      tty-cursor (~> 0.7)
      tty-screen (~> 0.8)
      wisper (~> 2.0)
    tty-screen (0.8.1)
    tty-table (0.12.0)
      pastel (~> 0.8)
      strings (~> 0.2.0)
      tty-screen (~> 0.8)
    unicode-display_width (1.7.0)
    unicode_utils (1.4.0)
    uuidtools (2.1.5)
    win32-api (1.5.3-universal-mingw32)
    win32-certstore (0.4.1)
      ffi
      mixlib-shellout
    win32-event (0.6.3)
      win32-ipc (>= 0.6.0)
    win32-eventlog (0.6.3)
      ffi
    win32-ipc (0.7.0)
      ffi
    win32-mmap (0.4.2)
      ffi
    win32-mutex (0.4.3)
      win32-ipc (>= 0.6.0)
    win32-process (0.9.0)
      ffi (>= 1.0.0)
    win32-service (2.2.0)
      ffi
      ffi-win32-extensions
    win32-taskscheduler (2.0.4)
      ffi
      structured_warnings
    winrm (2.3.5)
      builder (>= 2.1.2)
      erubi (~> 1.8)
      gssapi (~> 1.2)
      gyoku (~> 1.0)
      httpclient (~> 2.2, >= 2.2.0.2)
      logging (>= 1.6.1, < 3.0)
      nori (~> 2.0)
      rubyntlm (~> 0.6.0, >= 0.6.1)
    winrm-elevated (1.2.3)
      erubi (~> 1.8)
      winrm (~> 2.0)
      winrm-fs (~> 1.0)
    winrm-fs (1.3.5)
      erubi (~> 1.8)
      logging (>= 1.6.1, < 3.0)
      rubyzip (~> 2.0)
      winrm (~> 2.0)
    wisper (2.0.1)
    wmi-lite (1.0.5)
    zhexdump (0.0.2)

PLATFORMS
  ruby
  x64-mingw32
  x86-mingw32

DEPENDENCIES
  artifactory
  berkshelf (>= 7.0)
  kitchen-vagrant (>= 1.3.1)
  ohai
  omnibus!
  omnibus-software!
  pedump
  test-kitchen (>= 1.23)
  winrm-fs (~> 1.0)

BUNDLED WITH
   2.1.4
