PATH
  remote: ../chef
  specs:
    chef (0.10.0)
      bunny (>= 0.6.0)
      erubis
      highline
      json (<= 1.4.6, >= 1.4.4)
      mixlib-authentication (>= 1.1.0)
      mixlib-cli (>= 1.1.0)
      mixlib-config (>= 1.1.2)
      mixlib-log (>= 1.3.0)
      moneta
      net-ssh (~> 2.1.3)
      net-ssh-multi (~> 1.1.0)
      ohai (>= 0.5.7)
      rest-client (< 1.7.0, >= 1.0.4)
      treetop (~> 1.4.9)
      uuidtools

PATH
  remote: ../chef-solr
  specs:
    chef-solr (0.10.0)
      chef (= 0.10.0)

GEM
  remote: http://rubygems.org/
  specs:
    abstract (1.0.0)
    bunny (0.6.0)
    daemons (1.1.2)
    dep_selector (0.0.3)
    diff-lcs (1.1.2)
    erubis (2.6.6)
      abstract (>= 1.0.0)
    eventmachine (0.12.10)
    extlib (0.9.15)
    haml (3.0.25)
    highline (1.6.1)
    json (1.4.6)
    merb-assets (1.1.3)
      merb-core (~> 1.1.3)
    merb-core (1.1.3)
      bundler
      erubis (>= 2.6.2)
      extlib (>= 0.9.13)
      mime-types (>= 1.16)
      rack
      rake
    merb-haml (1.1.3)
      haml (>= 2.0.3)
      merb-core (~> 1.1.3)
    merb-helpers (1.1.3)
      merb-core (~> 1.1.3)
    merb-param-protection (1.1.3)
      merb-core (~> 1.1.3)
    mime-types (1.16)
    mixlib-authentication (1.1.4)
      mixlib-log
    mixlib-cli (1.2.0)
    mixlib-config (1.1.2)
    mixlib-log (1.3.0)
    moneta (0.6.0)
    net-ssh (2.1.3)
    net-ssh-gateway (1.0.1)
      net-ssh (>= 1.99.1)
    net-ssh-multi (1.1.0)
      net-ssh (>= 1.99.2)
      net-ssh-gateway (>= 0.99.0)
    nokogiri (1.4.4)
    ohai (0.5.8)
      extlib
      json (<= 1.4.6, >= 1.4.4)
      mixlib-cli
      mixlib-config
      mixlib-log
      systemu
    polyglot (0.3.1)
    rack (1.2.2)
    rack-test (0.5.7)
      rack (>= 1.0)
    rake (0.8.7)
    rest-client (1.6.1)
      mime-types (>= 1.16)
    rspec (2.5.0)
      rspec-core (~> 2.5.0)
      rspec-expectations (~> 2.5.0)
      rspec-mocks (~> 2.5.0)
    rspec-core (2.5.1)
    rspec-expectations (2.5.0)
      diff-lcs (~> 1.1.2)
    rspec-mocks (2.5.0)
    systemu (1.2.0)
    thin (1.2.11)
      daemons (>= 1.0.9)
      eventmachine (>= 0.12.6)
      rack (>= 1.0.0)
    treetop (1.4.9)
      polyglot (>= 0.3.1)
    uuidtools (2.1.2)
    webrat (0.7.3)
      nokogiri (>= 1.2.0)
      rack (>= 1.0)
      rack-test (>= 0.5.3)
    webrat-rspec-rails (0.1.1)

PLATFORMS
  ruby

DEPENDENCIES
  bunny
  chef!
  chef-solr!
  dep_selector
  merb-assets (= 1.1.3)
  merb-core (= 1.1.3)
  merb-haml (= 1.1.3)
  merb-helpers (= 1.1.3)
  merb-param-protection (= 1.1.3)
  ohai
  rake
  rspec (~> 2.5)
  thin
  uuidtools
  webrat
  webrat-rspec-rails
