GIT
  remote: git://github.com/test-kitchen/kitchen-ec2.git
  revision: fec3f199a646980dc289ac6db9f90e9a9e4b0f6b
  specs:
    kitchen-ec2 (1.0.0)
      aws-sdk (~> 2)
      excon
      multi_json
      retryable (~> 2.0)
      test-kitchen (~> 1.4, >= 1.4.1)

GIT
  remote: git://github.com/test-kitchen/test-kitchen.git
  revision: 26168bfad0041b31cc1b6ad615f9b936a2f0c092
  branch: lcg/disable-encryption
  specs:
    test-kitchen (1.8.0)
      mixlib-install (~> 1.0, >= 1.0.4)
      mixlib-shellout (>= 1.2, < 3.0)
      net-scp (~> 1.1)
      net-ssh (>= 2.9, < 4.0)
      safe_yaml (~> 1.0)
      thor (~> 0.18)

GEM
  remote: https://rubygems.org/
  specs:
    addressable (2.4.0)
    artifactory (2.3.2)
    aws-sdk (2.3.2)
      aws-sdk-resources (= 2.3.2)
    aws-sdk-core (2.3.2)
      jmespath (~> 1.0)
    aws-sdk-resources (2.3.2)
      aws-sdk-core (= 2.3.2)
    berkshelf (4.3.2)
      addressable (~> 2.3, >= 2.3.4)
      berkshelf-api-client (~> 2.0, >= 2.0.2)
      buff-config (~> 1.0)
      buff-extensions (~> 1.0)
      buff-shell_out (~> 0.1)
      celluloid (= 0.16.0)
      celluloid-io (~> 0.16.1)
      cleanroom (~> 1.0)
      faraday (~> 0.9)
      httpclient (~> 2.7)
      minitar (~> 0.5, >= 0.5.4)
      octokit (~> 4.0)
      retryable (~> 2.0)
      ridley (~> 4.5)
      solve (~> 2.0)
      thor (~> 0.19)
    berkshelf-api-client (2.0.2)
      faraday (~> 0.9.1)
      httpclient (~> 2.7.0)
      ridley (~> 4.5)
    buff-config (1.0.1)
      buff-extensions (~> 1.0)
      varia_model (~> 0.4)
    buff-extensions (1.0.0)
    buff-ignore (1.1.1)
    buff-ruby_engine (0.1.0)
    buff-shell_out (0.2.0)
      buff-ruby_engine (~> 0.1.0)
    celluloid (0.16.0)
      timers (~> 4.0.0)
    celluloid-io (0.16.2)
      celluloid (>= 0.16.0)
      nio4r (>= 1.1.0)
    chef-config (12.9.41)
      fuzzyurl (~> 0.8.0)
      mixlib-config (~> 2.0)
      mixlib-shellout (~> 2.0)
    cleanroom (1.0.0)
    diff-lcs (1.2.5)
    erubis (2.7.0)
    excon (0.49.0)
    faraday (0.9.2)
      multipart-post (>= 1.2, < 3)
    ffi (1.9.10-x86-mingw32)
    fuzzyurl (0.8.0)
    hashie (3.4.4)
    hitimes (1.2.4)
    hitimes (1.2.4-x86-mingw32)
    httpclient (2.7.2)
    jmespath (1.2.4)
      json_pure (>= 1.8.1)
    json (1.8.3)
    json_pure (1.8.3)
    kitchen-appbundle-updater (0.1.2)
    kitchen-vagrant (0.20.0)
      test-kitchen (~> 1.4)
    minitar (0.5.4)
    mixlib-authentication (1.4.0)
      mixlib-log
      rspec-core (~> 3.2)
      rspec-expectations (~> 3.2)
      rspec-mocks (~> 3.2)
    mixlib-config (2.2.1)
    mixlib-install (1.0.11)
      artifactory
      mixlib-shellout
      mixlib-versioning
    mixlib-log (1.6.0)
    mixlib-shellout (2.2.6)
    mixlib-shellout (2.2.6-universal-mingw32)
      win32-process (~> 0.8.2)
      wmi-lite (~> 1.0)
    mixlib-versioning (1.1.0)
    molinillo (0.4.5)
    multi_json (1.12.0)
    multipart-post (2.0.0)
    net-scp (1.2.1)
      net-ssh (>= 2.6.5)
    net-ssh (3.1.1)
    nio4r (1.2.1)
    octokit (4.3.0)
      sawyer (~> 0.7.0, >= 0.5.3)
    retryable (2.0.3)
    ridley (4.5.0)
      addressable
      buff-config (~> 1.0)
      buff-extensions (~> 1.0)
      buff-ignore (~> 1.1)
      buff-shell_out (~> 0.1)
      celluloid (~> 0.16.0)
      celluloid-io (~> 0.16.1)
      chef-config (>= 12.5.0)
      erubis
      faraday (~> 0.9.0)
      hashie (>= 2.0.2, < 4.0.0)
      httpclient (~> 2.7)
      json (>= 1.7.7)
      mixlib-authentication (>= 1.3.0)
      retryable (~> 2.0)
      semverse (~> 1.1)
      varia_model (~> 0.4.0)
    rspec-core (3.4.4)
      rspec-support (~> 3.4.0)
    rspec-expectations (3.4.0)
      diff-lcs (>= 1.2.0, < 2.0)
      rspec-support (~> 3.4.0)
    rspec-mocks (3.4.1)
      diff-lcs (>= 1.2.0, < 2.0)
      rspec-support (~> 3.4.0)
    rspec-support (3.4.1)
    safe_yaml (1.0.4)
    sawyer (0.7.0)
      addressable (>= 2.3.5, < 2.5)
      faraday (~> 0.8, < 0.10)
    semverse (1.2.1)
    solve (2.0.3)
      molinillo (~> 0.4.2)
      semverse (~> 1.1)
    thor (0.19.1)
    timers (4.0.4)
      hitimes
    vagrant-wrapper (2.0.3)
    varia_model (0.4.1)
      buff-extensions (~> 1.0)
      hashie (>= 2.0.2, < 4.0.0)
    win32-process (0.8.3)
      ffi (>= 1.0.0)
    wmi-lite (1.0.0)

PLATFORMS
  ruby
  x86-mingw32

DEPENDENCIES
  berkshelf
  kitchen-appbundle-updater
  kitchen-ec2!
  kitchen-vagrant (~> 0.17)
  test-kitchen!
  vagrant-wrapper

BUNDLED WITH
   1.12.1
